GEM
  remote: https://rubygems.org/
  specs:
    debug (1.9.2)
      irb (~> 1.10)
      reline (>= 0.3.8)
    io-console (0.7.2)
    irb (1.14.1)
      rdoc (>= 4.0.0)
      reline (>= 0.4.2)
    minitest (5.25.1)
    psych (5.2.0)
      stringio
    rake (13.2.1)
    rdoc (6.7.0)
      psych (>= 4.0.0)
    reline (0.5.11)
      io-console (~> 0.5)
    stringio (3.1.2)

PLATFORMS
  arm64-darwin-23
  ruby

DEPENDENCIES
  debug
  minitest
  rake

BUNDLED WITH
   2.5.16
